GEM
  remote: https://rubygems.org/
  specs:
    concurrent-ruby (1.0.1)
    concurrent-ruby-ext (1.0.1)
      concurrent-ruby (~> 1.0.1)
    connection_pool (2.2.0)
    disque (0.0.6)
      redic (~> 1.5.0)
    hiredis (0.6.1)
    redic (1.5.0)
      hiredis
    require_all (1.3.3)
    semantic_logger (3.3.0)
      concurrent-ruby (~> 1.0)
    sequel (4.33.0)
    sqlite3 (1.3.11)

PLATFORMS
  ruby

DEPENDENCIES
  concurrent-ruby
  concurrent-ruby-ext
  connection_pool
  disque
  require_all
  semantic_logger
  sequel
  sqlite3

BUNDLED WITH
   1.11.2
