GIT
  remote: git://github.com/madmaniak/sequel-seek-pagination.git
  revision: fa0e267449c0e9f81fa03252c41798a9bb64e6f4
  specs:
    sequel-seek-pagination (0.2.1)
      sequel (~> 4.0)

GEM
  remote: https://rubygems.org/
  specs:
    byebug (9.0.5)
    concurrent-ruby (1.0.2)
    concurrent-ruby-ext (1.0.2)
      concurrent-ruby (~> 1.0.2)
    connection_pool (2.2.0)
    disque (0.0.6)
      redic (~> 1.5.0)
    foreman (0.82.0)
      thor (~> 0.19.1)
    hiredis (0.6.1)
    pg (0.18.4)
    redic (1.5.0)
      hiredis
    semantic_logger (3.3.0)
      concurrent-ruby (~> 1.0)
    sequel (4.36.0)
    sequel_pg (1.6.17)
      pg (>= 0.8.0)
      sequel (>= 4.0.0)
    thor (0.19.1)

PLATFORMS
  ruby

DEPENDENCIES
  byebug
  concurrent-ruby
  concurrent-ruby-ext
  connection_pool
  disque
  foreman
  pg
  semantic_logger
  sequel
  sequel-seek-pagination!
  sequel_pg

BUNDLED WITH
   1.11.2
